GEM
  remote: https://rubygems.org/
  specs:
    concurrent-ruby (1.0.0-java)
    connection_pool (2.2.0)
    json (1.8.3-java)
    redis (3.2.2)
    ruby-processing (2.6.10)
    sidekiq (4.0.1)
      concurrent-ruby (~> 1.0)
      connection_pool (~> 2.2, >= 2.2.0)
      json (~> 1.0)
      redis (~> 3.2, >= 3.2.1)

PLATFORMS
  java

DEPENDENCIES
  ruby-processing (= 2.6.10)
  sidekiq

BUNDLED WITH
   1.10.6
